GIT
  remote: https://github.com/clearsightstudio/ProMotion.git
  revision: 4dbcc994989afd00d4f4ff34b2244dc7acda5b8a
  specs:
    ProMotion (1.1.1)
      methadone
      motion-require (>= 0.0.6)

GEM
  remote: https://rubygems.org/
  specs:
    methadone (1.3.2)
      bundler
    motion-require (0.2.0)
    rake (10.1.1)

PLATFORMS
  ruby

DEPENDENCIES
  ProMotion!
  rake
